PATH
  remote: .
  specs:
    payunit (0.1.0)

GEM
  remote: https://rubygems.org/
  specs:
    addressable (2.8.0)
      public_suffix (>= 2.0.2, < 5.0)
    ast (2.4.2)
    base64 (0.1.1)
    byebug (11.1.3)
    diff-lcs (1.5.0)
    faraday (2.5.1)
      faraday-net_http (>= 2.0, < 3.1)
      ruby2_keywords (>= 0.0.4)
    faraday-net_http (3.0.0)
    http-2-next (0.5.0)
    httpx (0.20.4)
      http-2-next (>= 0.4.1)
    json (2.6.2)
    launchy (2.5.0)
      addressable (~> 2.7)
    net-http (0.2.2)
      uri
    parallel (1.22.1)
    parser (3.1.2.0)
      ast (~> 2.4.1)
    public_suffix (4.0.7)
    rainbow (3.1.1)
    rake (13.0.6)
    regexp_parser (2.5.0)
    rexml (3.2.5)
    rspec (3.11.0)
      rspec-core (~> 3.11.0)
      rspec-expectations (~> 3.11.0)
      rspec-mocks (~> 3.11.0)
    rspec-core (3.11.0)
      rspec-support (~> 3.11.0)
    rspec-expectations (3.11.0)
      diff-lcs (>= 1.2.0, < 2.0)
      rspec-support (~> 3.11.0)
    rspec-mocks (3.11.1)
      diff-lcs (>= 1.2.0, < 2.0)
      rspec-support (~> 3.11.0)
    rspec-support (3.11.0)
    rubocop (1.33.0)
      json (~> 2.3)
      parallel (~> 1.10)
      parser (>= 3.1.0.0)
      rainbow (>= 2.2.2, < 4.0)
      regexp_parser (>= 1.8, < 3.0)
      rexml (>= 3.2.5, < 4.0)
      rubocop-ast (>= 1.19.1, < 2.0)
      ruby-progressbar (~> 1.7)
      unicode-display_width (>= 1.4.0, < 3.0)
    rubocop-ast (1.19.1)
      parser (>= 3.1.1.0)
    ruby-progressbar (1.11.0)
    ruby2_keywords (0.0.5)
    securerandom (0.2.0)
    unicode-display_width (2.2.0)
    uri (0.11.0)

PLATFORMS
  x86_64-linux

DEPENDENCIES
  base64
  byebug
  faraday
  faraday-net_http
  httpx
  launchy
  net-http
  payunit!
  rake (~> 13.0)
  rspec (~> 3.0)
  rubocop (~> 1.21)
  securerandom

BUNDLED WITH
   2.3.14
